GEM
  specs:
    CFPropertyList (2.3.5)
    claide (1.0.1)
    colored2 (3.1.2)
    nanaimo (0.2.3)
    thor (0.19.4)
    xcodeproj (1.4.4)
      CFPropertyList (~> 2.3.3)
      claide (>= 1.0.1, < 2.0)
      colored2 (~> 3.1)
      nanaimo (~> 0.2.3)

PLATFORMS
  ruby

DEPENDENCIES
  thor
  xcodeproj

BUNDLED WITH
   1.14.6
